RESTRICTION: >= net46
NUGET
  remote: https://api.nuget.org/v3/index.json
    OptimizedPriorityQueue (4.1.1)
    SodiumFRP (4.0.5)
      SodiumFRP.Core (>= 4.0.5)
      System.ValueTuple (>= 4.4)
    SodiumFRP.Core (4.0.5)
      OptimizedPriorityQueue (>= 4.1.1)
      System.ValueTuple (>= 4.4)
    System.ValueTuple (4.5)
